GEM
  remote: https://rubygems.org/
  specs:
    colorize (0.7.7)
    distribution (0.7.3)
    dotenv (2.0.2)
    rack (1.6.4)
    rack-protection (1.5.3)
      rack
    sinatra (1.4.6)
      rack (~> 1.4)
      rack-protection (~> 1.4)
      tilt (>= 1.3, < 3)
    tilt (2.0.1)

PLATFORMS
  ruby
  x64-mingw32
  x86-mingw32

DEPENDENCIES
  colorize
  distribution
  dotenv
  sinatra
